GEM
  remote: http://rubygems.org/
  specs:
    activemodel (3.0.3)
      activesupport (= 3.0.3)
      builder (~> 2.1.2)
      i18n (~> 0.4)
    activeresource (3.0.3)
      activemodel (= 3.0.3)
      activesupport (= 3.0.3)
    activesupport (3.0.3)
    archive-tar-minitar (0.5.2)
    builder (2.1.2)
    columnize (0.3.2)
    diff-lcs (1.1.2)
    git (1.2.5)
    hashie (0.3.0)
    i18n (0.5.0)
    jeweler (1.5.2)
      bundler (~> 1.0.0)
      git (>= 1.2.5)
      rake
    linecache (0.43)
    linecache19 (0.5.11)
      ruby_core_source (>= 0.1.4)
    rake (0.8.7)
    rally_rest_api (1.0.3)
    rcov (0.9.9)
    rspec (2.3.0)
      rspec-core (~> 2.3.0)
      rspec-expectations (~> 2.3.0)
      rspec-mocks (~> 2.3.0)
    rspec-core (2.3.1)
    rspec-expectations (2.3.0)
      diff-lcs (~> 1.1.2)
    rspec-mocks (2.3.0)
    ruby-debug (0.10.4)
      columnize (>= 0.1)
      ruby-debug-base (~> 0.10.4.0)
    ruby-debug-base (0.10.4)
      linecache (>= 0.3)
    ruby-debug-base19 (0.11.24)
      columnize (>= 0.3.1)
      linecache19 (>= 0.5.11)
      ruby_core_source (>= 0.1.4)
    ruby-debug19 (0.11.6)
      columnize (>= 0.3.1)
      linecache19 (>= 0.5.11)
      ruby-debug-base19 (>= 0.11.19)
    ruby_core_source (0.1.4)
      archive-tar-minitar (>= 0.5.2)
    ticketmaster (0.5.2)
      activeresource (>= 2.3.2)
      activesupport (>= 2.3.2)
      hashie (<= 0.3.0)
    yard (0.7.1)

PLATFORMS
  ruby
  x86-mingw32

DEPENDENCIES
  bundler (~> 1.0.0)
  jeweler (~> 1.5.2)
  rally_rest_api (~> 1.0.3)
  rcov
  rspec (~> 2.3.0)
  ruby-debug
  ruby-debug19
  ticketmaster
  yard (~> 0.7.0)
