GEM
  remote: http://rubygems.org/
  specs:
    activemodel (3.0.3)
      activesupport (= 3.0.3)
      builder (~> 2.1.2)
      i18n (~> 0.4)
    activeresource (3.0.3)
      activemodel (= 3.0.3)
      activesupport (= 3.0.3)
    activesupport (3.0.3)
    builder (2.1.2)
    diff-lcs (1.1.2)
    git (1.2.5)
    hashie (0.3.0)
    i18n (0.5.0)
    jeweler (1.5.2)
      bundler (~> 1.0.0)
      git (>= 1.2.5)
      rake
    rake (0.8.7)
    rally_rest_api (1.0.3)
    rcov (0.9.9)
    rspec (2.3.0)
      rspec-core (~> 2.3.0)
      rspec-expectations (~> 2.3.0)
      rspec-mocks (~> 2.3.0)
    rspec-core (2.3.1)
    rspec-expectations (2.3.0)
      diff-lcs (~> 1.1.2)
    rspec-mocks (2.3.0)
    ticketmaster (0.5.2)
      activeresource (>= 2.3.2)
      activesupport (>= 2.3.2)
      hashie (<= 0.3.0)
    yard (0.6.4)

PLATFORMS
  ruby

DEPENDENCIES
  bundler (~> 1.0.0)
  jeweler (~> 1.5.2)
  rally_rest_api
  rcov
  rspec (~> 2.3.0)
  ticketmaster
  yard (~> 0.6.0)
